GEM
  remote: https://rubygems.org/
  specs:
    alfred-workflow (1.8.0)
      plist (>= 3.1.0)
    api_client (0.5.7)
      faraday (>= 0.8.1)
      hashie (>= 2.0.5)
      multi_json (>= 1.6.1)
      yajl-ruby
    basecrm (0.1.2)
      api_client (>= 0.4.2)
    faraday (0.9.0)
      multipart-post (>= 1.2, < 3)
    hashie (3.3.1)
    multi_json (1.10.1)
    multipart-post (2.0.0)
    plist (3.1.0)
    yajl-ruby (1.2.1)

PLATFORMS
  ruby

DEPENDENCIES
  alfred-workflow
  basecrm
  plist
